PATH
  remote: .
  specs:
    riot_api (0.1.0)
      httparty
      values

GEM
  remote: https://rubygems.org/
  specs:
    ast (2.4.2)
    coderay (1.1.3)
    diff-lcs (1.4.4)
    httparty (0.18.1)
      mime-types (~> 3.0)
      multi_xml (>= 0.5.2)
    method_source (1.0.0)
    mime-types (3.3.1)
      mime-types-data (~> 3.2015)
    mime-types-data (3.2021.0704)
    multi_xml (0.6.0)
    parallel (1.20.1)
    parser (3.0.2.0)
      ast (~> 2.4.1)
    pry (0.13.1)
      coderay (~> 1.1)
      method_source (~> 1.0)
    rainbow (3.0.0)
    rake (13.0.6)
    regexp_parser (2.1.1)
    rexml (3.2.5)
    rspec (3.9.0)
      rspec-core (~> 3.9.0)
      rspec-expectations (~> 3.9.0)
      rspec-mocks (~> 3.9.0)
    rspec-core (3.9.3)
      rspec-support (~> 3.9.3)
    rspec-expectations (3.9.4)
      diff-lcs (>= 1.2.0, < 2.0)
      rspec-support (~> 3.9.0)
    rspec-mocks (3.9.1)
      diff-lcs (>= 1.2.0, < 2.0)
      rspec-support (~> 3.9.0)
    rspec-support (3.9.4)
    rubocop (0.93.1)
      parallel (~> 1.10)
      parser (>= 2.7.1.5)
      rainbow (>= 2.2.2, < 4.0)
      regexp_parser (>= 1.8)
      rexml
      rubocop-ast (>= 0.6.0)
      ruby-progressbar (~> 1.7)
      unicode-display_width (>= 1.4.0, < 2.0)
    rubocop-ast (1.8.0)
      parser (>= 3.0.1.1)
    rubocop-rspec (1.43.2)
      rubocop (~> 0.87)
    ruby-progressbar (1.11.0)
    unicode-display_width (1.7.0)
    values (1.8.0)

PLATFORMS
  x86_64-darwin-20

DEPENDENCIES
  pry (~> 0.13.1)
  rake (~> 13.0)
  riot_api!
  rspec (~> 3.9.0)
  rubocop (~> 0.93.1)
  rubocop-rspec (~> 1.43.2)

BUNDLED WITH
   2.2.15
